GIT
  remote: git@github.com:clearsightstudio/ProMotion.git
  revision: a566ea04dd8a24859061390bdf4777b868aae104
  specs:
    ProMotion (0.2.0)

GEM
  specs:

PLATFORMS
  ruby

DEPENDENCIES
  ProMotion!
