GIT
  remote: git@github.com:clearsightstudio/ProMotion.git
  revision: 6cf9c94893d65b6eb4278546ea1a1e7e4c19cf05
  specs:
    ProMotion (0.3.0)

GEM
  specs:

PLATFORMS
  ruby

DEPENDENCIES
  ProMotion!
